GEM
  remote: https://rubygems.org/
  specs:
    array_include_methods (1.5.1)
    ast (2.4.2)
    awesome_print (1.9.2)
    backport (1.2.0)
    benchmark (0.4.0)
    builder (3.3.0)
    chunky_png (1.4.0)
    coderay (1.1.3)
    color (1.8)
    diff-lcs (1.5.1)
    dotenv (3.1.4)
    e2mmap (0.1.0)
    equalizer (0.0.11)
    event_stream_parser (1.0.0)
    facets (3.1.0)
    faraday (2.12.0)
      faraday-net_http (>= 2.0, < 3.4)
      json
      logger
    faraday-multipart (1.0.4)
      multipart-post (~> 2)
    faraday-net_http (3.3.0)
      net-http
    glimmer (2.8.0)
      array_include_methods (>= 1.4.0, < 1.6.0)
      facets (>= 3.1.0, < 4.0.0)
    glimmer-dsl-libui (0.12.5)
      chunky_png (~> 1.4.0)
      color (~> 1.8)
      equalizer (= 0.0.11)
      glimmer (~> 2.8.0)
      libui (= 0.1.2)
      os (>= 1.0.0, < 2.0.0)
      perfect-shape (~> 1.0.8)
      puts_debuggerer (>= 1.0.1, < 2.0.0)
      rake (>= 10.1.0, < 14.0.0)
      rake-tui (>= 0.2.3, < 2.0.0)
      rouge (>= 3.26.0, < 4.0.0)
      super_module (~> 1.4.1)
      text-table (>= 1.2.4, < 2.0.0)
    jaro_winkler (1.6.0)
    json (2.8.1)
    kramdown (2.4.0)
      rexml
    kramdown-parser-gfm (1.1.0)
      kramdown (~> 2.0)
    language_server-protocol (3.17.0.3)
    libui (0.1.2)
    logger (1.6.1)
    matrix (0.4.2)
    method_source (1.1.0)
    multipart-post (2.4.1)
    net-http (0.5.0)
      uri
    nokogiri (1.16.7-x86_64-linux)
      racc (~> 1.4)
    numpy (0.4.0)
      pycall (>= 1.2.0.beta1)
    os (1.1.4)
    parallel (1.26.3)
    parser (3.3.6.0)
      ast (~> 2.4.1)
      racc
    pastel (0.8.0)
      tty-color (~> 0.5)
    perfect-shape (1.0.8)
      equalizer (>= 0.0.11, < 1.1.0)
      matrix (>= 0.4.2, < 1.1.0)
    pragmatic_tokenizer (3.2.1)
    prism (1.2.0)
    pry (0.14.2)
      coderay (~> 1.1)
      method_source (~> 1.0)
    puts_debuggerer (1.0.1)
      awesome_print (~> 1.9.2)
    pycall (1.5.2)
    racc (1.8.1)
    rainbow (3.1.1)
    rake (13.2.1)
    rake-tui (0.2.3)
      tty-prompt
    rbs (3.6.1)
      logger
    regexp_parser (2.9.2)
    reverse_markdown (2.1.1)
      nokogiri
    rexml (3.3.9)
    rouge (3.30.0)
    rspec (3.13.0)
      rspec-core (~> 3.13.0)
      rspec-expectations (~> 3.13.0)
      rspec-mocks (~> 3.13.0)
    rspec-core (3.13.2)
      rspec-support (~> 3.13.0)
    rspec-expectations (3.13.3)
      diff-lcs (>= 1.2.0, < 2.0)
      rspec-support (~> 3.13.0)
    rspec-mocks (3.13.2)
      diff-lcs (>= 1.2.0, < 2.0)
      rspec-support (~> 3.13.0)
    rspec-support (3.13.1)
    rubocop (1.68.0)
      json (~> 2.3)
      language_server-protocol (>= 3.17.0)
      parallel (~> 1.10)
      parser (>= 3.3.0.2)
      rainbow (>= 2.2.2, < 4.0)
      regexp_parser (>= 2.4, < 3.0)
      rubocop-ast (>= 1.32.2, < 2.0)
      ruby-progressbar (~> 1.7)
      unicode-display_width (>= 2.4.0, < 3.0)
    rubocop-ast (1.35.0)
      parser (>= 3.3.1.0)
    ruby-lsp (0.21.3)
      language_server-protocol (~> 3.17.0)
      prism (>= 1.2, < 2.0)
      rbs (>= 3, < 4)
      sorbet-runtime (>= 0.5.10782)
    ruby-openai (7.3.1)
      event_stream_parser (>= 0.3.0, < 2.0.0)
      faraday (>= 1)
      faraday-multipart (>= 1)
    ruby-progressbar (1.13.0)
    ruby-spacy (0.2.3)
      numpy (~> 0.4.0)
      pycall (~> 1.5.1)
      ruby-openai
      terminal-table (~> 3.0.1)
    solargraph (0.48.0)
      backport (~> 1.2)
      benchmark
      bundler (>= 1.17.2)
      diff-lcs (~> 1.4)
      e2mmap
      jaro_winkler (~> 1.5)
      kramdown (~> 2.3)
      kramdown-parser-gfm (~> 1.1)
      parser (~> 3.0)
      reverse_markdown (>= 1.0.5, < 3)
      rubocop (>= 0.52)
      thor (~> 1.0)
      tilt (~> 2.0)
      yard (~> 0.9, >= 0.9.24)
    sorbet-runtime (0.5.11647)
    super_module (1.4.2)
      method_source (>= 0.8.2, < 2.0.0)
    terminal-table (3.0.2)
      unicode-display_width (>= 1.1.1, < 3)
    text-table (1.2.4)
    thor (1.3.2)
    tilt (2.4.0)
    tk (0.5.0)
    tty-color (0.6.0)
    tty-cursor (0.7.1)
    tty-prompt (0.23.1)
      pastel (~> 0.8)
      tty-reader (~> 0.8)
    tty-reader (0.9.0)
      tty-cursor (~> 0.7)
      tty-screen (~> 0.8)
      wisper (~> 2.0)
    tty-screen (0.8.2)
    unicode-display_width (2.6.0)
    uri (1.0.1)
    wisper (2.0.1)
    yard (0.9.37)

PLATFORMS
  x86_64-linux

DEPENDENCIES
  builder (~> 3.3)
  bundler (~> 2.4)
  dotenv
  glimmer-dsl-libui
  nokogiri
  pragmatic_tokenizer
  pry (~> 0.14.2)
  rspec
  rubocop
  ruby-lsp (~> 0.21.3)
  ruby-progressbar
  ruby-spacy
  solargraph (~> 0.48.0)
  terminal-table
  tk
  yard

RUBY VERSION
   ruby 3.2.4p170

BUNDLED WITH
   2.5.23
